PATH
  remote: .
  specs:
    katakata_irb (0.1.3)
      irb (>= 1.4.0)
      rbs

GEM
  remote: https://rubygems.org/
  specs:
    io-console (0.6.0)
    irb (1.6.2)
      reline (>= 0.3.0)
    minitest (5.16.3)
    rake (13.0.6)
    rbs (2.7.0)
    reline (0.3.2)
      io-console (~> 0.5)

PLATFORMS
  x86_64-darwin-20

DEPENDENCIES
  katakata_irb!
  minitest (~> 5.0)
  rake (~> 13.0)

BUNDLED WITH
   2.4.5
